GIT
  remote: git://github.com/zendesk/zendesk_api_client_rb.git
  revision: c92b7533ade0338f58776fc2f0cbc284b25d32b4
  specs:
    zendesk (0.0.1)
      faraday (>= 0.8.0)
      faraday_middleware (>= 0.8.7)
      hashie
      inflection
      json
      mime-types
      multipart-post

GEM
  remote: https://rubygems.org/
  specs:
    activemodel (3.2.3)
      activesupport (= 3.2.3)
      builder (~> 3.0.0)
    activerecord (3.2.3)
      activemodel (= 3.2.3)
      activesupport (= 3.2.3)
      arel (~> 3.0.2)
      tzinfo (~> 0.3.29)
    activerecord-sqlserver-adapter (3.2.9)
      activerecord (~> 3.2.0)
    activesupport (3.2.3)
      i18n (~> 0.6)
      multi_json (~> 1.0)
    arel (3.0.2)
    builder (3.0.0)
    faraday (0.8.0)
      multipart-post (~> 1.1)
    faraday_middleware (0.8.7)
      faraday (>= 0.7.4, < 0.9)
    hashie (1.2.0)
    i18n (0.6.0)
    inflection (1.0.0)
    json (1.7.1)
    mime-types (1.18)
    multi_json (1.3.4)
    multipart-post (1.1.5)
    pg (0.13.2)
    rack (1.4.1)
    rack-protection (1.2.0)
      rack
    rake (0.9.2.2)
    redis (2.2.2)
    redis-lock (0.1.0)
      redis
    redis-namespace (1.0.3)
      redis (< 3.0.0)
    resque (1.20.0)
      multi_json (~> 1.0)
      redis-namespace (~> 1.0.2)
      sinatra (>= 0.9.2)
      vegas (~> 0.1.2)
    resque-loner (1.2.1)
      resque (~> 1.0)
    sinatra (1.3.2)
      rack (~> 1.3, >= 1.3.6)
      rack-protection (~> 1.2)
      tilt (~> 1.3, >= 1.3.3)
    tilt (1.3.3)
    tiny_tds (0.5.1)
    tzinfo (0.3.33)
    vegas (0.1.11)
      rack (>= 1.0.0)
    xml-simple (1.1.1)

PLATFORMS
  ruby

DEPENDENCIES
  activerecord
  activerecord-sqlserver-adapter
  pg
  rake
  redis-lock
  resque
  resque-loner
  tiny_tds
  xml-simple
  zendesk!
